PATH
  remote: .
  specs:
    phromo_campushallen (0.0.1)
      mechanize
      mongo
      ri_cal
      uuid

GEM
  remote: http://rubygems.org/
  specs:
    bson (1.6.1)
    domain_name (0.5.2)
      unf (~> 0.0.3)
    macaddr (1.5.0)
      systemu (>= 2.4.0)
    mechanize (2.3)
      domain_name (~> 0.5, >= 0.5.1)
      mime-types (~> 1.17, >= 1.17.2)
      net-http-digest_auth (~> 1.1, >= 1.1.1)
      net-http-persistent (~> 2.5, >= 2.5.2)
      nokogiri (~> 1.4)
      ntlm-http (~> 0.1, >= 0.1.1)
      webrobots (~> 0.0, >= 0.0.9)
    mime-types (1.17.2)
    mongo (1.6.1)
      bson (~> 1.6.1)
    net-http-digest_auth (1.2)
    net-http-persistent (2.5.2)
    nokogiri (1.5.2-x86-mingw32)
    ntlm-http (0.1.1)
    rack (1.4.1)
    ri_cal (0.8.8)
    systemu (2.4.2)
    test-unit (2.4.8)
    unf (0.0.5)
      unf_ext
    unf_ext (0.0.4-x86-mingw32)
    uuid (2.3.5)
      macaddr (~> 1.0)
    webrobots (0.0.13)

PLATFORMS
  x86-mingw32

DEPENDENCIES
  mechanize
  mongo
  phromo_campushallen!
  rack
  test-unit
  uuid
